GEM
  remote: https://rubygems.org/
  specs:
    jeckyl (0.3.7)

PLATFORMS
  ruby

DEPENDENCIES
  jeckyl
